GEM
  remote: https://rubygems.org/
  specs:
    digest (3.2.0)

PLATFORMS
  x86_64-linux

DEPENDENCIES
  digest

BUNDLED WITH
   2.3.27
